PATH
  remote: .
  specs:
    browserstack-patch (0.1.0)
      browserstack-local (~> 1.2.0)
      selenium-webdriver (= 2.53.1)

GEM
  remote: https://rubygems.org/
  specs:
    appraisal (2.1.0)
      bundler
      rake
      thor (>= 0.14.0)
    browserstack-local (1.2.0)
    childprocess (0.5.9)
      ffi (~> 1.0, >= 1.0.11)
    ffi (1.9.14)
    rake (10.4.2)
    rubyzip (1.2.0)
    selenium-webdriver (2.53.1)
      childprocess (~> 0.5)
      rubyzip (~> 1.0)
      websocket (~> 1.0)
    thor (0.19.1)
    websocket (1.2.3)

PLATFORMS
  ruby

DEPENDENCIES
  appraisal
  browserstack-patch!
  bundler (~> 1.12)
  rake (~> 10.0)

BUNDLED WITH
   1.12.5
